GIT
  remote: https://github.com/dcshiller/ruby-git
  revision: 5073b7ffe2a2fa7f3a9ce4e0de562b70f5374f70
  specs:
    git (1.3.0)

GEM
  specs:
    byebug (10.0.2)
    coderay (1.1.2)
    method_source (0.9.0)
    pry (0.11.3)
      coderay (~> 1.1.0)
      method_source (~> 0.9.0)

PLATFORMS
  ruby

DEPENDENCIES
  byebug
  git!
  pry

BUNDLED WITH
   1.16.1
