GIT
  remote: https://github.com/ruby-git/ruby-git
  revision: b48231ecd0f1a95e1f37a983a6ebadad7cc3162c
  specs:
    git (1.3.0)

GEM
  specs:
    coderay (1.1.2)
    method_source (0.9.0)
    pry (0.11.3)
      coderay (~> 1.1.0)
      method_source (~> 0.9.0)

PLATFORMS
  ruby

DEPENDENCIES
  git!
  pry

BUNDLED WITH
   1.16.1
